PATH
  remote: ../rulers
  specs:
    rulers (0.0.4)
      erubis
      multi_json
      rack (~> 2.2)
      sqlite3

GEM
  remote: https://rubygems.org/
  specs:
    erubis (2.7.0)
    ffi (1.13.1)
    listen (3.2.1)
      rb-fsevent (~> 0.10, >= 0.10.3)
      rb-inotify (~> 0.9, >= 0.9.10)
    multi_json (1.15.0)
    rack (2.2.3)
    rb-fsevent (0.10.4)
    rb-inotify (0.10.1)
      ffi (~> 1.0)
    rerun (0.13.0)
      listen (~> 3.0)
    sqlite3 (1.4.2)

PLATFORMS
  ruby

DEPENDENCIES
  rerun
  rulers!

BUNDLED WITH
   2.0.1
